GEM
  remote: https://rubygems.org/
  specs:
    netaddr (1.5.0)

PLATFORMS
  ruby

DEPENDENCIES
  netaddr

BUNDLED WITH
   1.10.6
